PATH
  remote: ../rulers
  specs:
    rulers (0.0.1)
      erubis (~> 2.7)
      multi_json (~> 1.12)
      rack (~> 2.0)
      sqlite3 (~> 1.3)

GEM
  remote: https://rubygems.org/
  specs:
    erubis (2.7.0)
    ffi (1.9.18)
    listen (1.3.1)
      rb-fsevent (>= 0.9.3)
      rb-inotify (>= 0.9)
      rb-kqueue (>= 0.2)
    multi_json (1.12.1)
    rack (2.0.3)
    rb-fsevent (0.10.2)
    rb-inotify (0.9.10)
      ffi (>= 0.5.0, < 2)
    rb-kqueue (0.2.5)
      ffi (>= 0.5.0)
    rerun (0.8.1)
      listen (>= 1.0.3)
    sqlite3 (1.3.13)

PLATFORMS
  ruby

DEPENDENCIES
  listen (= 1.3.1)
  rerun
  rulers!

BUNDLED WITH
   1.13.7
